GEM
  remote: https://rubygems.org/
  specs:
    aggregate (0.2.2)
    daemons (1.1.9)
    eventmachine (1.0.1)
    faraday (0.8.6)
      multipart-post (~> 1.1)
    librato-metrics (1.0.3)
      aggregate (~> 0.2.2)
      faraday (~> 0.7)
      multi_json
    librato-rack (0.1.0)
      librato-metrics (~> 1.0.2)
    multi_json (1.6.1)
    multipart-post (1.2.0)
    rack (1.5.2)
    rack-cache (1.2)
      rack (>= 0.4)
    rack-protection (1.4.0)
      rack
    rmagick (2.13.2)
    sinatra (1.3.5)
      rack (~> 1.4)
      rack-protection (~> 1.3)
      tilt (~> 1.3, >= 1.3.3)
    thin (1.5.0)
      daemons (>= 1.0.9)
      eventmachine (>= 0.12.6)
      rack (>= 1.0.0)
    tilt (1.3.4)

PLATFORMS
  ruby

DEPENDENCIES
  faraday
  librato-rack
  rack-cache
  rmagick
  sinatra
  thin
